PATH
  remote: .
  specs:
    red_celery (0.1.0)
      bunny (~> 2.14)
      msgpack (~> 1.3)

GEM
  remote: https://rubygems.org/
  specs:
    amq-protocol (2.3.0)
    bunny (2.14.3)
      amq-protocol (~> 2.3, >= 2.3.0)
    concurrent-ruby (1.1.5)
    diff-lcs (1.3)
    msgpack (1.3.1)
    rake (10.5.0)
    rspec (3.8.0)
      rspec-core (~> 3.8.0)
      rspec-expectations (~> 3.8.0)
      rspec-mocks (~> 3.8.0)
    rspec-core (3.8.2)
      rspec-support (~> 3.8.0)
    rspec-expectations (3.8.4)
      diff-lcs (>= 1.2.0, < 2.0)
      rspec-support (~> 3.8.0)
    rspec-mocks (3.8.1)
      diff-lcs (>= 1.2.0, < 2.0)
      rspec-support (~> 3.8.0)
    rspec-support (3.8.2)
    ruby-prof (1.0.0)

PLATFORMS
  ruby

DEPENDENCIES
  bundler (~> 1.17)
  concurrent-ruby (~> 1.1)
  rake (~> 10.0)
  red_celery!
  rspec (~> 3.0)
  ruby-prof

BUNDLED WITH
   1.17.2
